PATH
  remote: vendor/gems/active_admin
  specs:
    activeadmin (0.3.4)
      devise (>= 1.1.2)
      fastercsv
      formtastic (< 2.0.0)
      inherited_resources (< 1.3.0)
      kaminari (>= 0.12.4)
      meta_search (>= 0.9.2)
      rails (>= 3.0.0)
      sass (>= 3.1.0)

PATH
  remote: vendor/gems/ajaxful-rating
  specs:
    ajaxful_rating (3.0.0.beta3)

PATH
  remote: vendor/gems/jammit-s3
  specs:
    jammit-s3 (0.6.0.2)
      aws-s3 (>= 0.6.2)
      jammit (~> 0.6.0)
      mimemagic (>= 0.1.7)
      ruby-hmac

PATH
  remote: vendor/gems/paypal-recurring
  specs:
    paypal-recurring (0.1.6)

GEM
  remote: http://rubygems.org/
  specs:
    POpen4 (0.1.4)
      Platform (>= 0.4.0)
      open4
    Platform (0.4.0)
    ZenTest (4.5.0)
    aaronh-chronic (0.3.9)
    aasm (2.3.1)
      activerecord
    abstract (1.0.0)
    actionmailer (3.0.20)
      actionpack (= 3.0.20)
      mail (~> 2.2.19)
    actionpack (3.0.20)
      activemodel (= 3.0.20)
      activesupport (= 3.0.20)
      builder (~> 2.1.2)
      erubis (~> 2.6.6)
      i18n (~> 0.5.0)
      rack (~> 1.2.5)
      rack-mount (~> 0.6.14)
      rack-test (~> 0.5.7)
      tzinfo (~> 0.3.23)
    activemodel (3.0.20)
      activesupport (= 3.0.20)
      builder (~> 2.1.2)
      i18n (~> 0.5.0)
    activerecord (3.0.20)
      activemodel (= 3.0.20)
      activesupport (= 3.0.20)
      arel (~> 2.0.10)
      tzinfo (~> 0.3.23)
    activeresource (3.0.20)
      activemodel (= 3.0.20)
      activesupport (= 3.0.20)
    activesupport (3.0.20)
    acts-as-taggable-on (2.2.2)
      rails (~> 3.0)
    acts_as_commentable_with_threading (1.1.1)
      activerecord (~> 3.0)
      activesupport (~> 3.0)
      moretea-awesome_nested_set
    addressable (2.2.7)
    airbrake (3.1.1)
      activesupport
      builder
    arel (2.0.10)
    autotest (4.4.6)
      ZenTest (>= 4.4.1)
    autotest-rails (4.1.0)
      ZenTest
    aws-s3 (0.6.2)
      builder
      mime-types
      xml-simple
    bcrypt-ruby (2.1.4)
    builder (2.1.2)
    bullet (2.0.1)
      uniform_notifier (~> 1.0.0)
    cancan (1.6.5)
    capistrano (2.6.0)
      highline
      net-scp (>= 1.0.0)
      net-sftp (>= 2.0.0)
      net-ssh (>= 2.0.14)
      net-ssh-gateway (>= 1.1.0)
    capistrano-ext (1.2.1)
      capistrano (>= 1.0.0)
    capybara (1.0.1)
      mime-types (>= 1.16)
      nokogiri (>= 1.3.3)
      rack (>= 1.0.0)
      rack-test (>= 0.5.4)
      selenium-webdriver (~> 2.0)
      xpath (~> 0.1.4)
    celerity (0.8.9)
    cgi_multipart_eof_fix (2.5.0)
    childprocess (0.3.9)
      ffi (~> 1.0, >= 1.0.11)
    ckeditor (3.4.3.pre)
      mime-types (>= 1.16)
    configuration (1.3.1)
    crack (0.3.1)
    createsend (1.0.3)
      hashie (~> 1.0)
      httparty (~> 0.8)
      json
    cucumber (0.10.0)
      builder (>= 2.1.2)
      diff-lcs (~> 1.1.2)
      gherkin (~> 2.3.5)
      json (~> 1.4.6)
      term-ansicolor (~> 1.0.5)
    cucumber-rails (0.3.2)
      cucumber (>= 0.8.0)
    cucumber_fm-core (0.1)
      diff-lcs
    culerity (0.2.15)
    daemons (1.1.4)
    database_cleaner (0.6.7)
    delayed_job (3.0.0)
      activesupport (~> 3.0)
    delayed_job_active_record (0.3.1)
      activerecord (> 2.1.0)
      delayed_job (~> 3.0.0)
    devise (1.1.3)
      bcrypt-ruby (~> 2.1.2)
      warden (~> 0.10.7)
    devise_rpx_connectable (0.2.2)
      devise (>= 1.1.2)
      rpx_now (>= 0.6.23)
    diff-lcs (1.1.2)
    erubis (2.6.6)
      abstract (>= 1.0.0)
    faker (0.3.1)
    fakeweb (1.3.0)
    fastercsv (1.5.4)
    fastthread (1.0.7)
    ffi (1.4.0)
    formtastic (1.1.0)
      actionpack (>= 2.3.0)
      activesupport (>= 2.3.0)
      i18n (>= 0.4.0)
    gem_plugin (0.2.3)
    gherkin (2.3.5)
      json (>= 1.4.6)
    globalize3 (0.3.0)
      activemodel (>= 3.0.0)
      activerecord (>= 3.0.0)
      paper_trail (~> 2)
    google-spreadsheet-ruby (0.1.5)
      nokogiri (>= 1.4.3.1)
      oauth (>= 0.3.6)
    has_scope (0.5.0)
    hashie (1.2.0)
    headless (1.0.1)
    highline (1.6.2)
    httparty (0.8.1)
      multi_json
      multi_xml
    i18n (0.5.0)
    i18n-active_record (0.0.2)
      i18n (>= 0.5.0)
    inherited_resources (1.1.2)
      has_scope (~> 0.5.0)
      responders (~> 0.6.0)
    jammit (0.6.3)
      yui-compressor (>= 0.9.3)
    json (1.4.6)
    json_pure (1.5.3)
    kaminari (0.13.0)
      actionpack (>= 3.0.0)
      activesupport (>= 3.0.0)
      railties (>= 3.0.0)
    launchy (0.4.0)
      configuration (>= 0.0.5)
      rake (>= 0.8.1)
    letter_opener (0.0.2)
      launchy
    liquid (2.2.2)
    machinist (2.0.0.beta2)
    mail (2.2.20)
      activesupport (>= 2.3.6)
      i18n (>= 0.4.0)
      mime-types (~> 1.16)
      treetop (~> 1.4.8)
    memcache-client (1.8.5)
    meta_search (1.0.6)
      actionpack (~> 3.0.2)
      activerecord (~> 3.0.2)
      activesupport (~> 3.0.2)
      arel (~> 2.0.2)
    metaclass (0.0.1)
    mime-types (1.25)
    mimemagic (0.1.8)
    mocha (0.13.2)
      metaclass (~> 0.0.1)
    mongrel (1.1.5)
      cgi_multipart_eof_fix (>= 2.4)
      daemons (>= 1.0.3)
      fastthread (>= 1.0.1)
      gem_plugin (>= 0.2.3)
    moretea-awesome_nested_set (1.4.3.1)
      activerecord (~> 3.0.0)
    multi_json (1.1.0)
    multi_xml (0.4.2)
    nested_set (1.5.4)
      activerecord (>= 3.0.0)
      railties (>= 3.0.0)
    net-scp (1.0.4)
      net-ssh (>= 1.99.1)
    net-sftp (2.0.5)
      net-ssh (>= 2.0.9)
    net-ssh (2.1.4)
    net-ssh-gateway (1.1.0)
      net-ssh (>= 1.99.1)
    nifty-generators (0.4.6)
    nokogiri (1.5.0)
    oauth (0.4.5)
    open4 (1.1.0)
    paper_trail (2.7.0)
      activerecord (~> 3.0)
      railties (~> 3.0)
    paperclip (2.3.6)
      activerecord
      activesupport
    paypal_nvp (0.2.0)
    pg (0.16.0)
    pickle (0.4.7)
      cucumber (>= 0.8)
      rake
    polyglot (0.3.3)
    postmark (0.9.6)
    postmark-rails (0.4.1)
      actionmailer
      postmark (>= 0.9.0)
      rake
    rack (1.2.8)
    rack-mount (0.6.14)
      rack (>= 1.0.0)
    rack-test (0.5.7)
      rack (>= 1.0)
    rails (3.0.20)
      actionmailer (= 3.0.20)
      actionpack (= 3.0.20)
      activerecord (= 3.0.20)
      activeresource (= 3.0.20)
      activesupport (= 3.0.20)
      bundler (~> 1.0)
      railties (= 3.0.20)
    railties (3.0.20)
      actionpack (= 3.0.20)
      activesupport (= 3.0.20)
      rake (>= 0.8.7)
      rdoc (~> 3.4)
      thor (~> 0.14.4)
    rake (0.8.7)
    rdoc (3.12.2)
      json (~> 1.4)
    recaptcha (0.3.5)
    responders (0.6.4)
    role_model (0.7.0)
    roo (1.9.5)
      google-spreadsheet-ruby (>= 0.1.5)
      nokogiri (>= 1.4.6)
      spreadsheet (> 0.6.4)
    rpx_now (0.6.24)
      json_pure
    rspec (2.0.1)
      rspec-core (~> 2.0.1)
      rspec-expectations (~> 2.0.1)
      rspec-mocks (~> 2.0.1)
    rspec-core (2.0.1)
    rspec-expectations (2.0.1)
      diff-lcs (>= 1.1.2)
    rspec-mocks (2.0.1)
      rspec-core (~> 2.0.1)
      rspec-expectations (~> 2.0.1)
    rspec-rails (2.0.1)
      rspec (~> 2.0.0)
    ruby-hmac (0.4.0)
    ruby-ole (1.2.11.1)
    rubyzip (0.9.9)
    rvm-capistrano (1.2.7)
      capistrano (>= 2.0.0)
    sass (3.1.15)
    scoped-search (0.7.1)
    selenium-webdriver (2.31.0)
      childprocess (>= 0.2.5)
      multi_json (~> 1.0)
      rubyzip
      websocket (~> 1.0.4)
    spork (0.8.5)
    spreadsheet (0.6.5.5)
      ruby-ole (>= 1.0)
    system-metrics (0.2.3)
      rails (~> 3.0.0)
    term-ansicolor (1.0.5)
    test-unit (2.3.0)
    thor (0.14.6)
    treetop (1.4.15)
      polyglot
      polyglot (>= 0.3.1)
    tzinfo (0.3.37)
    uniform_notifier (1.0.1)
    warden (0.10.7)
      rack (>= 1.0.0)
    webmock (1.8.4)
      addressable (>= 2.2.7)
      crack (>= 0.1.7)
    websocket (1.0.7)
    whenever (0.6.8)
      aaronh-chronic (>= 0.3.9)
      activesupport (>= 2.3.4)
    will_paginate (3.0.pre2)
    xml-simple (1.1.0)
    xpath (0.1.4)
      nokogiri (~> 1.3)
    yajl-ruby (1.1.0)
    yui-compressor (0.9.6)
      POpen4 (>= 0.1.4)

PLATFORMS
  ruby

DEPENDENCIES
  aasm
  activeadmin!
  acts-as-taggable-on (~> 2.2.2)
  acts_as_commentable_with_threading
  airbrake (= 3.1.1)
  ajaxful_rating!
  autotest
  autotest-rails
  aws-s3
  bullet
  bundler
  cancan
  capistrano
  capistrano-ext (>= 1.2.1)
  capybara (= 1.0.1)
  celerity
  ckeditor (= 3.4.3.pre)
  createsend
  cucumber (= 0.10.0)
  cucumber-rails (= 0.3.2)
  cucumber_fm-core (= 0.1)
  culerity
  daemons
  database_cleaner
  delayed_job (>= 3.0.0)
  delayed_job_active_record
  devise (= 1.1.3)
  devise_rpx_connectable
  diff-lcs
  faker (= 0.3.1)
  fakeweb
  fastercsv
  formtastic (= 1.1.0)
  globalize3 (= 0.3.0)
  google-spreadsheet-ruby
  headless
  i18n-active_record
  inherited_resources (= 1.1.2)
  jammit-s3!
  json_pure (>= 1.4.6)
  launchy (= 0.4.0)
  letter_opener
  liquid
  machinist (>= 2.0.0.beta1)
  memcache-client
  mocha (= 0.13.2)
  mongrel
  nested_set (= 1.5.4)
  nifty-generators
  paperclip (= 2.3.6)
  paypal-recurring!
  paypal_nvp
  pg
  pickle
  postmark-rails
  rails (= 3.0.20)
  railties
  rake (~> 0.8.7)
  recaptcha
  role_model
  roo
  rspec (= 2.0.1)
  rspec-rails (= 2.0.1)
  ruby-hmac (= 0.4.0)
  rvm-capistrano
  scoped-search (= 0.7.1)
  selenium-webdriver (~> 2.31.0)
  spork
  spreadsheet
  system-metrics
  test-unit
  thor
  webmock
  whenever
  will_paginate (= 3.0.pre2)
  yajl-ruby (= 1.1.0)
