PATH
  remote: vendor/gems/active_admin
  specs:
    activeadmin (0.3.4)
      devise (>= 1.1.2)
      fastercsv
      formtastic (< 2.0.0)
      inherited_resources (< 1.3.0)
      kaminari (>= 0.12.4)
      meta_search (>= 0.9.2)
      rails (>= 3.0.0)
      sass (>= 3.1.0)

PATH
  remote: vendor/gems/ajaxful-rating
  specs:
    ajaxful_rating (3.0.0.beta3)

PATH
  remote: vendor/gems/jammit-s3
  specs:
    jammit-s3 (0.6.0.2)
      aws-s3 (>= 0.6.2)
      jammit (~> 0.6.0)
      mimemagic (>= 0.1.7)
      ruby-hmac

PATH
  remote: vendor/gems/paypal-recurring
  specs:
    paypal-recurring (0.1.6)

GEM
  remote: http://rubygems.org/
  specs:
    POpen4 (0.1.4)
      Platform (>= 0.4.0)
      open4
    Platform (0.4.0)
    ZenTest (4.5.0)
    aasm (3.0.16)
    abstract (1.0.0)
    actionmailer (3.0.19)
      actionpack (= 3.0.19)
      mail (~> 2.2.19)
    actionpack (3.0.19)
      activemodel (= 3.0.19)
      activesupport (= 3.0.19)
      builder (~> 2.1.2)
      erubis (~> 2.6.6)
      i18n (~> 0.5.0)
      rack (~> 1.2.5)
      rack-mount (~> 0.6.14)
      rack-test (~> 0.5.7)
      tzinfo (~> 0.3.23)
    activemodel (3.0.19)
      activesupport (= 3.0.19)
      builder (~> 2.1.2)
      i18n (~> 0.5.0)
    activerecord (3.0.19)
      activemodel (= 3.0.19)
      activesupport (= 3.0.19)
      arel (~> 2.0.10)
      tzinfo (~> 0.3.23)
    activeresource (3.0.19)
      activemodel (= 3.0.19)
      activesupport (= 3.0.19)
    activesupport (3.0.19)
    acts-as-taggable-on (2.2.2)
      rails (~> 3.0)
    acts_as_commentable_with_threading (1.1.2)
      activerecord (>= 3.0)
      activesupport (~> 3.0)
      awesome_nested_set (>= 2.0)
    addressable (2.3.3)
    arel (2.0.10)
    autotest (4.4.6)
      ZenTest (>= 4.4.1)
    autotest-rails (4.1.2)
      ZenTest (~> 4.5)
    awesome_nested_set (2.1.6)
      activerecord (>= 3.0.0)
    aws-s3 (0.6.3)
      builder
      mime-types
      xml-simple
    bcrypt-ruby (2.1.4)
    builder (2.1.2)
    bullet (4.3.0)
      uniform_notifier
    cancan (1.6.9)
    capistrano (2.14.2)
      highline
      net-scp (>= 1.0.0)
      net-sftp (>= 2.0.0)
      net-ssh (>= 2.0.14)
      net-ssh-gateway (>= 1.1.0)
    capistrano-ext (1.2.1)
      capistrano (>= 1.0.0)
    capybara (2.0.2)
      mime-types (>= 1.16)
      nokogiri (>= 1.3.3)
      rack (>= 1.0.0)
      rack-test (>= 0.5.4)
      selenium-webdriver (~> 2.0)
      xpath (~> 1.0.0)
    celerity (0.9.2)
    cgi_multipart_eof_fix (2.5.0)
    childprocess (0.3.8)
      ffi (~> 1.0, >= 1.0.11)
    chronic (0.9.0)
    ckeditor (3.4.3.pre)
      mime-types (>= 1.16)
    configuration (1.3.2)
    crack (0.3.2)
    createsend (2.5.1)
      hashie (~> 1.0)
      httparty (~> 0.10)
      json
    cucumber (0.10.0)
      builder (>= 2.1.2)
      diff-lcs (~> 1.1.2)
      gherkin (~> 2.3.2)
      json (~> 1.4.6)
      term-ansicolor (~> 1.0.5)
    cucumber-rails (0.3.2)
      cucumber (>= 0.8.0)
    cucumber_fm-core (0.1)
      diff-lcs
    culerity (0.2.15)
    daemons (1.1.9)
    database_cleaner (0.9.1)
    delayed_job (3.0.5)
      activesupport (~> 3.0)
    delayed_job_active_record (0.4.1)
      activerecord (>= 2.1.0, < 4)
      delayed_job (~> 3.0)
    devise (1.1.3)
      bcrypt-ruby (~> 2.1.2)
      warden (~> 0.10.7)
    devise_rpx_connectable (0.2.2)
      devise (>= 1.1.2)
      rpx_now (>= 0.6.23)
    diff-lcs (1.1.3)
    erubis (2.6.6)
      abstract (>= 1.0.0)
    faker (0.3.1)
    fakeweb (1.3.0)
    faraday (0.8.5)
      multipart-post (~> 1.1)
    fastercsv (1.5.5)
    fastthread (1.0.7)
    ffi (1.4.0)
    formtastic (1.1.0)
      actionpack (>= 2.3.0)
      activesupport (>= 2.3.0)
      i18n (>= 0.4.0)
    gem_plugin (0.2.3)
    gherkin (2.3.5)
      json (>= 1.4.6)
    globalize3 (0.3.0)
      activemodel (>= 3.0.0)
      activerecord (>= 3.0.0)
      paper_trail (~> 2)
    google-spreadsheet-ruby (0.3.1)
      google_drive (>= 0.3.0)
    google_drive (0.3.3)
      nokogiri (>= 1.4.4, != 1.5.2, != 1.5.1)
      oauth (>= 0.3.6)
      oauth2 (>= 0.5.0)
    has_scope (0.5.1)
    hashie (1.2.0)
    highline (1.6.15)
    hoptoad_notifier (2.4.11)
      activesupport
      builder
    httparty (0.10.2)
      multi_json (~> 1.0)
      multi_xml (>= 0.5.2)
    httpauth (0.2.0)
    i18n (0.5.0)
    i18n-active_record (0.0.2)
      i18n (>= 0.5.0)
    inherited_resources (1.1.2)
      has_scope (~> 0.5.0)
      responders (~> 0.6.0)
    jammit (0.6.5)
      yui-compressor (>= 0.9.3)
    json (1.4.6)
    json_pure (1.7.7)
    jwt (0.1.5)
      multi_json (>= 1.0)
    kaminari (0.14.1)
      actionpack (>= 3.0.0)
      activesupport (>= 3.0.0)
    launchy (0.4.0)
      configuration (>= 0.0.5)
      rake (>= 0.8.1)
    liquid (2.4.1)
    machinist (2.0)
    mail (2.2.19)
      activesupport (>= 2.3.6)
      i18n (>= 0.4.0)
      mime-types (~> 1.16)
      treetop (~> 1.4.8)
    memcache-client (1.8.5)
    meta_search (1.0.6)
      actionpack (~> 3.0.2)
      activerecord (~> 3.0.2)
      activesupport (~> 3.0.2)
      arel (~> 2.0.2)
    metaclass (0.0.1)
    mime-types (1.21)
    mimemagic (0.2.0)
    mocha (0.13.2)
      metaclass (~> 0.0.1)
    mongrel (1.1.5)
      cgi_multipart_eof_fix (>= 2.4)
      daemons (>= 1.0.3)
      fastthread (>= 1.0.1)
      gem_plugin (>= 0.2.3)
    multi_json (1.6.1)
    multi_xml (0.5.3)
    multipart-post (1.1.5)
    nested_set (1.5.4)
      activerecord (>= 3.0.0)
      railties (>= 3.0.0)
    net-scp (1.1.0)
      net-ssh (>= 2.6.5)
    net-sftp (2.1.1)
      net-ssh (>= 2.6.5)
    net-ssh (2.6.5)
    net-ssh-gateway (1.2.0)
      net-ssh (>= 2.6.5)
    nifty-generators (0.4.6)
    nokogiri (1.5.6)
    oauth (0.4.7)
    oauth2 (0.9.1)
      faraday (~> 0.8)
      httpauth (~> 0.1)
      jwt (~> 0.1.4)
      multi_json (~> 1.0)
      multi_xml (~> 0.5)
      rack (~> 1.2)
    open4 (1.3.0)
    paper_trail (2.7.1)
      activerecord (~> 3.0)
      railties (~> 3.0)
    paperclip (2.3.6)
      activerecord
      activesupport
    paypal_nvp (0.2.4)
    pg (0.14.1)
    pickle (0.4.11)
      cucumber (>= 0.8)
      rake
    polyglot (0.3.3)
    postmark (0.9.19)
      json
      rake
    postmark-rails (0.4.1)
      actionmailer
      postmark (>= 0.9.0)
      rake
    rack (1.2.8)
    rack-mount (0.6.14)
      rack (>= 1.0.0)
    rack-test (0.5.7)
      rack (>= 1.0)
    rails (3.0.19)
      actionmailer (= 3.0.19)
      actionpack (= 3.0.19)
      activerecord (= 3.0.19)
      activeresource (= 3.0.19)
      activesupport (= 3.0.19)
      bundler (~> 1.0)
      railties (= 3.0.19)
    rails-settings (1.0.0)
    railties (3.0.19)
      actionpack (= 3.0.19)
      activesupport (= 3.0.19)
      rake (>= 0.8.7)
      rdoc (~> 3.4)
      thor (~> 0.14.4)
    rake (0.8.7)
    rdoc (3.12.1)
      json (~> 1.4)
    responders (0.6.5)
    role_model (0.8.1)
    roo (1.10.2)
      nokogiri (>= 1.5.6)
      rubyzip (>= 0.9.9)
      spreadsheet (> 0.6.4)
    rpx_now (0.6.24)
      json_pure
    rspec (2.0.1)
      rspec-core (~> 2.0.1)
      rspec-expectations (~> 2.0.1)
      rspec-mocks (~> 2.0.1)
    rspec-core (2.0.1)
    rspec-expectations (2.0.1)
      diff-lcs (>= 1.1.2)
    rspec-mocks (2.0.1)
      rspec-core (~> 2.0.1)
      rspec-expectations (~> 2.0.1)
    rspec-rails (2.0.1)
      rspec (~> 2.0.0)
    ruby-hmac (0.4.0)
    ruby-ole (1.2.11.6)
    rubyzip (0.9.9)
    sass (3.2.5)
    scoped-search (0.7.1)
    selenium-webdriver (2.30.0)
      childprocess (>= 0.2.5)
      multi_json (~> 1.0)
      rubyzip
      websocket (~> 1.0.4)
    spork (0.9.2)
    spreadsheet (0.8.1)
      ruby-ole (>= 1.0)
    system-metrics (0.2.4)
      rails (>= 3.0.0, < 4.0)
    term-ansicolor (1.0.7)
    test-unit (2.5.4)
    thor (0.14.6)
    treetop (1.4.12)
      polyglot
      polyglot (>= 0.3.1)
    tzinfo (0.3.35)
    uniform_notifier (1.1.1)
    warden (0.10.7)
      rack (>= 1.0.0)
    webmock (1.9.3)
      addressable (>= 2.2.7)
      crack (>= 0.3.2)
    websocket (1.0.7)
    whenever (0.8.2)
      activesupport (>= 2.3.4)
      chronic (>= 0.6.3)
    will_paginate (3.0.pre2)
    xml-simple (1.1.2)
    xpath (1.0.0)
      nokogiri (~> 1.3)
    yajl-ruby (1.1.0)
    yui-compressor (0.9.6)
      POpen4 (>= 0.1.4)

PLATFORMS
  ruby

DEPENDENCIES
  ZenTest (= 4.5.0)
  aasm
  activeadmin!
  acts-as-taggable-on (~> 2.2.2)
  acts_as_commentable_with_threading
  ajaxful_rating!
  autotest
  autotest-rails
  aws-s3
  bullet
  bundler
  cancan
  capistrano
  capistrano-ext (>= 1.2.1)
  capybara
  celerity
  ckeditor (= 3.4.3.pre)
  createsend
  cucumber (= 0.10.0)
  cucumber-rails (= 0.3.2)
  cucumber_fm-core (= 0.1)
  culerity
  database_cleaner
  delayed_job (>= 3.0.0)
  delayed_job_active_record
  devise (= 1.1.3)
  devise_rpx_connectable
  diff-lcs
  faker (= 0.3.1)
  fakeweb
  fastercsv
  formtastic (= 1.1.0)
  gherkin (= 2.3.5)
  globalize3 (= 0.3.0)
  google-spreadsheet-ruby
  hoptoad_notifier
  i18n-active_record
  inherited_resources (= 1.1.2)
  jammit-s3!
  json_pure (>= 1.4.6)
  launchy (= 0.4.0)
  liquid
  machinist (>= 2.0.0.beta1)
  memcache-client
  mocha
  mongrel
  nested_set (= 1.5.4)
  nifty-generators
  paperclip (= 2.3.6)
  paypal-recurring!
  paypal_nvp
  pg
  pickle
  postmark-rails
  rails (= 3.0.19)
  rails-settings
  railties
  rake (~> 0.8.7)
  role_model
  roo
  rspec (= 2.0.1)
  rspec-rails (= 2.0.1)
  ruby-hmac (= 0.4.0)
  scoped-search (= 0.7.1)
  spork
  spreadsheet
  system-metrics
  test-unit
  thor
  webmock
  whenever
  will_paginate (= 3.0.pre2)
  yajl-ruby (= 1.1.0)
