GIT
  remote: git://github.com/bartlomiejdanek/rails-multi_block_helpers.git
  revision: 9a9d0c45101f2217c02001115c1d4ce1e1f33dc0
  specs:
    rails-multi_block_helpers (0.0.4)

GIT
  remote: git://github.com/svenfuchs/i18n-active_record.git
  revision: 22b1f766a4e4e7ced25ba05bee07d4ac558cc5f7
  ref: 22b1f76
  specs:
    i18n-active_record (0.0.2)
      i18n (>= 0.5.0)

PATH
  remote: vendor/gems/paypal-recurring
  specs:
    paypal-recurring (0.1.6)

GEM
  remote: http://rubygems.org/
  specs:
    aasm (2.3.1)
      activerecord
    actionmailer (3.1.12)
      actionpack (= 3.1.12)
      mail (~> 2.4.4)
    actionpack (3.1.12)
      activemodel (= 3.1.12)
      activesupport (= 3.1.12)
      builder (~> 3.0.0)
      erubis (~> 2.7.0)
      i18n (~> 0.6)
      rack (~> 1.3.6)
      rack-cache (~> 1.2)
      rack-mount (~> 0.8.2)
      rack-test (~> 0.6.1)
      sprockets (~> 2.0.4)
    activemodel (3.1.12)
      activesupport (= 3.1.12)
      builder (~> 3.0.0)
      i18n (~> 0.6)
    activerecord (3.1.12)
      activemodel (= 3.1.12)
      activesupport (= 3.1.12)
      arel (~> 2.2.3)
      tzinfo (~> 0.3.29)
    activerecord-database-views (0.1.0)
    activeresource (3.1.12)
      activemodel (= 3.1.12)
      activesupport (= 3.1.12)
    activesupport (3.1.12)
      multi_json (~> 1.0)
    acts-as-taggable-on (2.2.2)
      rails (~> 3.0)
    acts_as_commentable_with_threading (1.1.2)
      activerecord (>= 3.0)
      activesupport (~> 3.0)
      awesome_nested_set (>= 2.0)
    acts_as_list (0.4.0)
      activerecord (>= 3.0)
    addressable (2.2.8)
    airbrake (3.1.15)
      builder
      multi_json
    ajaxful_rating (3.0.0.beta3)
    arel (2.2.3)
    awesome_nested_set (2.1.6)
      activerecord (>= 3.0.0)
    aws-s3 (0.6.2)
      builder
      mime-types
      xml-simple
<<<<<<< HEAD
=======
    axlsx (1.3.6)
      htmlentities (~> 4.3.1)
      nokogiri (>= 1.4.1)
      rubyzip (>= 0.9.5)
    backports (3.4.0)
>>>>>>> staging
    bcrypt-ruby (2.1.4)
    builder (3.0.4)
    bullet (2.0.1)
      uniform_notifier (~> 1.0.0)
    cancan (1.6.5)
    capistrano (2.15.5)
      highline
      net-scp (>= 1.0.0)
      net-sftp (>= 2.0.0)
      net-ssh (>= 2.0.14)
      net-ssh-gateway (>= 1.1.0)
    capistrano-ext (1.2.1)
      capistrano (>= 1.0.0)
    capybara (1.1.4)
      mime-types (>= 1.16)
      nokogiri (>= 1.3.3)
      rack (>= 1.0.0)
      rack-test (>= 0.5.4)
      selenium-webdriver (~> 2.0)
      xpath (~> 0.1.4)
    childprocess (0.5.3)
      ffi (~> 1.0, >= 1.0.11)
    chronic (0.10.2)
    ckeditor (3.7.3)
      mime-types
      orm_adapter
    coderay (1.1.0)
    columnize (0.8.9)
    crack (0.4.2)
      safe_yaml (~> 1.0.0)
    createsend (1.0.3)
      hashie (~> 1.0)
      httparty (~> 0.8)
      json
    cssmin (1.0.3)
    csso-rails (0.3.4)
      execjs (>= 1)
    daemon_controller (1.2.0)
    daemons (1.1.9)
    database_cleaner (1.2.0)
    debugger (1.6.8)
      columnize (>= 0.3.1)
      debugger-linecache (~> 1.2.0)
      debugger-ruby_core_source (~> 1.3.5)
    debugger-linecache (1.2.0)
    debugger-ruby_core_source (1.3.5)
    delayed_job (4.0.4)
      activesupport (>= 3.0, < 4.2)
    delayed_job_active_record (4.0.2)
      activerecord (>= 3.0, < 4.2)
      delayed_job (>= 3.0, < 4.1)
    devise (1.1.9)
      bcrypt-ruby (~> 2.1.2)
      warden (~> 1.0.2)
    devise_rpx_connectable (0.2.2)
      devise (>= 1.1.2)
      rpx_now (>= 0.6.23)
    diff-lcs (1.2.5)
    draper (1.3.1)
      actionpack (>= 3.0)
      activemodel (>= 3.0)
      activesupport (>= 3.0)
      request_store (~> 1.0.3)
    email_spec (1.5.0)
      launchy (~> 2.1)
      mail (~> 2.2)
    erubis (2.7.0)
    eventmachine (1.0.3)
    execjs (2.2.1)
    factory_girl (4.4.0)
      activesupport (>= 3.0.0)
    factory_girl_rails (4.4.1)
      factory_girl (~> 4.4.0)
      railties (>= 3.0.0)
    faker (0.3.1)
    fakeweb (1.3.0)
    ffi (1.9.3)
    formtastic (2.3.1)
      actionpack (>= 3.0)
    globalize3 (0.3.0)
      activemodel (>= 3.0.0)
      activerecord (>= 3.0.0)
      paper_trail (~> 2)
    google-spreadsheet-ruby (0.1.5)
      nokogiri (>= 1.4.3.1)
      oauth (>= 0.3.6)
    haml (4.0.5)
      tilt
    has_scope (0.5.1)
    hashie (1.2.0)
    headless (1.0.1)
<<<<<<< HEAD
    highline (1.6.21)
    hike (1.2.3)
    httparty (0.13.1)
      json (~> 1.8)
      multi_xml (>= 0.5.2)
    i18n (0.6.11)
    inherited_resources (1.3.1)
=======
    highline (1.6.20)
    htmlentities (4.3.1)
    httparty (0.8.1)
      multi_json
      multi_xml
    i18n (0.5.0)
    i18n-active_record (0.0.2)
      i18n (>= 0.5.0)
    inherited_resources (1.1.2)
>>>>>>> staging
      has_scope (~> 0.5.0)
      responders (~> 0.6)
    jammit (0.6.6)
      cssmin (>= 1.0.3)
      jsmin (>= 1.0.1)
    jammit-s3 (0.6.0.2)
      jammit (>= 0.5.4)
      mimemagic (>= 0.1.7)
      s3 (>= 0.3.7)
    jsmin (1.0.1)
    json (1.8.1)
    json_pure (1.5.3)
    launchy (2.1.0)
      addressable (~> 2.2.6)
    letter_opener (0.0.2)
      launchy
    liquid (2.2.2)
    machinist (2.0.0.beta2)
    mail (2.4.4)
      i18n (>= 0.4.0)
      mime-types (~> 1.16)
      treetop (~> 1.4.8)
    mailcatcher (0.2.4)
      eventmachine
      haml
      i18n
      json
      mail
      sinatra
      skinny (>= 0.1.2)
      sqlite3-ruby
      thin
    memcache-client (1.8.5)
    metaclass (0.0.4)
    method_source (0.8.2)
    mime-types (1.25.1)
    mimemagic (0.2.1)
    mini_portile (0.6.0)
    mocha (0.13.2)
      metaclass (~> 0.0.1)
    multi_json (1.10.1)
    multi_xml (0.5.5)
    nested_set (1.5.4)
      activerecord (>= 3.0.0)
      railties (>= 3.0.0)
    net-scp (1.2.1)
      net-ssh (>= 2.6.5)
    net-sftp (2.1.2)
      net-ssh (>= 2.6.5)
    net-ssh (2.9.1)
    net-ssh-gateway (1.2.0)
      net-ssh (>= 2.6.5)
    newrelic_rpm (3.6.8.168)
    nifty-generators (0.4.6)
    nokogiri (1.6.3.1)
      mini_portile (= 0.6.0)
    oauth (0.4.7)
    orm_adapter (0.5.0)
    paper_trail (2.7.2)
      activerecord (~> 3.0)
      railties (~> 3.0)
    paperclip (2.3.6)
      activerecord
      activesupport
    passenger (4.0.52)
      daemon_controller (>= 1.2.0)
      rack
      rake (>= 0.8.1)
    paypal_nvp (0.2.0)
    pg (0.17.1)
    polyglot (0.3.5)
    postmark (0.9.19)
      json
      rake
    postmark-rails (0.4.2)
      actionmailer
      postmark (~> 0.9)
    proxies (0.2.1)
    pry (0.9.12.6)
      coderay (~> 1.0)
      method_source (~> 0.8)
      slop (~> 3.4)
    pry-debugger (0.2.3)
      debugger (~> 1.3)
      pry (>= 0.9.10, < 0.11.0)
    pry-rails (0.3.2)
      pry (>= 0.9.10)
    rack (1.3.10)
    rack-cache (1.2)
      rack (>= 0.4)
    rack-mount (0.8.3)
      rack (>= 1.0.0)
    rack-protection (1.5.3)
      rack
    rack-ssl (1.3.4)
      rack
    rack-test (0.6.2)
      rack (>= 1.0)
    rails (3.1.12)
      actionmailer (= 3.1.12)
      actionpack (= 3.1.12)
      activerecord (= 3.1.12)
      activeresource (= 3.1.12)
      activesupport (= 3.1.12)
      bundler (~> 1.0)
      railties (= 3.1.12)
    railties (3.1.12)
      actionpack (= 3.1.12)
      activesupport (= 3.1.12)
      rack-ssl (~> 1.3.2)
      rake (>= 0.8.7)
      rdoc (~> 3.4)
      thor (~> 0.14.6)
    rake (10.3.2)
    rdoc (3.12.2)
      json (~> 1.4)
    recaptcha (0.3.5)
    request_store (1.0.8)
    responders (0.9.3)
      railties (~> 3.1)
    role_model (0.7.0)
    roo (1.9.5)
      google-spreadsheet-ruby (>= 0.1.5)
      nokogiri (>= 1.4.6)
      spreadsheet (> 0.6.4)
    rpx_now (0.7.1)
      json_pure
    rspec-core (2.14.8)
    rspec-expectations (2.14.5)
      diff-lcs (>= 1.1.3, < 2.0)
    rspec-mocks (2.14.6)
    rspec-rails (2.14.1)
      actionpack (>= 3.0)
      activemodel (>= 3.0)
      activesupport (>= 3.0)
      railties (>= 3.0)
      rspec-core (~> 2.14.0)
      rspec-expectations (~> 2.14.0)
      rspec-mocks (~> 2.14.0)
    ruby-hmac (0.4.0)
    ruby-ole (1.2.11.7)
    rubyzip (0.9.9)
    rvm-capistrano (1.2.7)
      capistrano (>= 2.0.0)
    s3 (0.3.21)
      proxies (~> 0.2.0)
    safe_yaml (1.0.3)
    sass (3.1.21)
    sass-rails (3.1.5)
      actionpack (~> 3.1.0)
      railties (~> 3.1.0)
      sass (~> 3.1.10)
      tilt (~> 1.3.2)
    selenium-webdriver (2.35.1)
      childprocess (>= 0.2.5)
      multi_json (~> 1.0)
      rubyzip (< 1.0.0)
      websocket (~> 1.0.4)
    shoulda-matchers (2.0.0)
      activesupport (>= 3.0.0)
    simple_form (2.1.1)
      actionpack (~> 3.0)
      activemodel (~> 3.0)
    sinatra (1.3.3)
      rack (~> 1.3, >= 1.3.6)
      rack-protection (~> 1.2)
      tilt (~> 1.3, >= 1.3.3)
    skinny (0.2.3)
      eventmachine (~> 1.0.0)
      thin (~> 1.5.0)
    slim (2.0.3)
      temple (~> 0.6.6)
      tilt (>= 1.3.3, < 2.1)
    slim-rails (2.1.5)
      actionpack (>= 3.0, < 4.2)
      activesupport (>= 3.0, < 4.2)
      railties (>= 3.0, < 4.2)
      slim (~> 2.0)
    slop (3.6.0)
    spreadsheet (0.6.5.5)
      ruby-ole (>= 1.0)
    sprockets (2.0.4)
      hike (~> 1.2)
      rack (~> 1.0)
      tilt (~> 1.1, != 1.3.0)
    sqlite3 (1.3.9)
    sqlite3-ruby (1.3.3)
      sqlite3 (>= 1.3.3)
    stringex (2.5.2)
    strong_parameters (0.2.3)
      actionpack (~> 3.0)
      activemodel (~> 3.0)
      activesupport (~> 3.0)
      railties (~> 3.0)
    system-metrics (0.2.4)
      rails (>= 3.0.0, < 4.0)
    temple (0.6.8)
    test-unit (2.3.0)
    thin (1.5.1)
      daemons (>= 1.0.9)
      eventmachine (>= 0.12.6)
      rack (>= 1.0.0)
    thor (0.14.6)
    tilt (1.3.7)
    treetop (1.4.15)
      polyglot
      polyglot (>= 0.3.1)
    tzinfo (0.3.41)
    uglifier (2.5.3)
      execjs (>= 0.3.0)
      json (>= 1.8.0)
    uniform_notifier (1.0.2)
    warden (1.0.6)
      rack (>= 1.0)
    webmock (1.8.4)
      addressable (>= 2.2.7)
      crack (>= 0.1.7)
    websocket (1.0.7)
    whenever (0.9.0)
      activesupport (>= 2.3.4)
      chronic (>= 0.6.3)
    will_paginate (3.0.7)
    xml-simple (1.1.4)
    xpath (0.1.4)
      nokogiri (~> 1.3)
    yajl-ruby (1.1.0)

PLATFORMS
  ruby

DEPENDENCIES
  aasm (= 2.3.1)
  activerecord-database-views (= 0.1.0)
  acts-as-taggable-on (~> 2.2.2)
<<<<<<< HEAD
  acts_as_commentable_with_threading (= 1.1.2)
  acts_as_list (~> 0.4.0)
  airbrake (= 3.1.15)
  ajaxful_rating (= 3.0.0.beta3)
  aws-s3 (= 0.6.2)
  bullet (= 2.0.1)
  bundler (= 1.6.5)
  cancan (= 1.6.5)
=======
  acts_as_commentable_with_threading
  airbrake (~> 3.1.15)
  ajaxful_rating!
  autotest
  autotest-rails
  aws-s3
  axlsx (= 1.3.6)
  bullet
  bundler
  cancan
>>>>>>> staging
  capistrano (= 2.15.5)
  capistrano-ext (>= 1.2.1)
  capybara (= 1.1.4)
  ckeditor (= 3.7.3)
  createsend (= 1.0.3)
  csso-rails (~> 0.3.4)
  daemons (~> 1.1.9)
  database_cleaner (= 1.2.0)
  delayed_job (= 4.0.4)
  delayed_job_active_record (= 4.0.2)
  devise (= 1.1.9)
  devise_rpx_connectable (= 0.2.2)
  diff-lcs
  draper (~> 1.3.1)
  email_spec (~> 1.5.0)
  factory_girl_rails (~> 4.4.1)
  faker (= 0.3.1)
  fakeweb
  formtastic (= 2.3.1)
  globalize3 (= 0.3.0)
<<<<<<< HEAD
  google-spreadsheet-ruby (= 0.1.5)
  headless (= 1.0.1)
  i18n-active_record!
  inherited_resources (= 1.3.1)
  jammit-s3 (~> 0.6.0.2)
  json_pure (= 1.5.3)
=======
  google-spreadsheet-ruby
  headless
  htmlentities (= 4.3.1)
  i18n-active_record
  inherited_resources (= 1.1.2)
  jammit-s3!
  json_pure (>= 1.4.6)
>>>>>>> staging
  launchy (= 2.1)
  letter_opener (= 0.0.2)
  liquid (= 2.2.2)
  machinist (= 2.0.0.beta2)
  mailcatcher (= 0.2.4)
  memcache-client (= 1.8.5)
  mocha (= 0.13.2)
  nested_set (= 1.5.4)
  newrelic_rpm (= 3.6.8.168)
  nifty-generators (= 0.4.6)
  paperclip (= 2.3.6)
  passenger (= 4.0.52)
  paypal-recurring!
  paypal_nvp (= 0.2.0)
  pg (~> 0.17.1)
  postmark-rails (= 0.4.2)
  pry (= 0.9.12.6)
  pry-debugger (= 0.2.3)
  pry-rails (= 0.3.2)
  rails (= 3.1.12)
  rails-multi_block_helpers!
  rake (~> 10.3.2)
  recaptcha (= 0.3.5)
  role_model (= 0.7.0)
  roo (= 1.9.5)
  rspec-rails (= 2.14.1)
  ruby-hmac (= 0.4.0)
  rubyzip (= 0.9.9)
  rvm-capistrano (= 1.2.7)
  sass-rails (= 3.1.5)
  shoulda-matchers (~> 2.0.0)
  simple_form (= 2.1.1)
  slim (~> 2.0.3)
  slim-rails (~> 2.1.5)
  spreadsheet (= 0.6.5.5)
  stringex (~> 2.5.2)
  strong_parameters (~> 0.2.3)
  system-metrics (= 0.2.4)
  test-unit (= 2.3.0)
  thin (~> 1.5.1)
  thor (= 0.14.6)
  uglifier (~> 2.5.3)
  webmock (= 1.8.4)
  whenever (= 0.9.0)
  will_paginate (= 3.0.7)
  yajl-ruby (= 1.1.0)
